GEM
  remote: https://rubygems.org/
  specs:
    approvals (0.0.25)
      nokogiri (~> 1.8)
      thor (~> 1.0)
    diff-lcs (1.4.4)
    mini_portile2 (2.6.1)
    nokogiri (1.12.4)
      mini_portile2 (~> 2.6.1)
      racc (~> 1.4)
    racc (1.5.2)
    rake (13.0.6)
    rspec (3.10.0)
      rspec-core (~> 3.10.0)
      rspec-expectations (~> 3.10.0)
      rspec-mocks (~> 3.10.0)
    rspec-core (3.10.1)
      rspec-support (~> 3.10.0)
    rspec-expectations (3.10.1)
      diff-lcs (>= 1.2.0, < 2.0)
      rspec-support (~> 3.10.0)
    rspec-mocks (3.10.2)
      diff-lcs (>= 1.2.0, < 2.0)
      rspec-support (~> 3.10.0)
    rspec-support (3.10.2)
    thor (1.1.0)

PLATFORMS
  ruby

DEPENDENCIES
  approvals
  rake
  rspec

BUNDLED WITH
   2.1.4
